GEM
  remote: https://rubygems.org/
  specs:
    ZenTest (4.11.1)
    autotest (4.4.6)
      ZenTest (>= 4.4.1)
    diff-lcs (1.3)
    erubis (2.7.0)
    kramdown (1.17.0)
    mail (2.7.0)
      mini_mime (>= 0.1.1)
    mini_mime (1.0.0)
    pony (1.12)
      mail (>= 2.0)
    rspec (3.7.0)
      rspec-core (~> 3.7.0)
      rspec-expectations (~> 3.7.0)
      rspec-mocks (~> 3.7.0)
    rspec-autotest (1.0.0)
      rspec-core (>= 2.99.0.beta1, < 4.0.0)
    rspec-core (3.7.1)
      rspec-support (~> 3.7.0)
    rspec-expectations (3.7.0)
      diff-lcs (>= 1.2.0, < 2.0)
      rspec-support (~> 3.7.0)
    rspec-mocks (3.7.0)
      diff-lcs (>= 1.2.0, < 2.0)
      rspec-support (~> 3.7.0)
    rspec-support (3.7.1)
    tilt (2.0.8)

PLATFORMS
  ruby

DEPENDENCIES
  ZenTest
  autotest
  erubis
  kramdown
  pony
  rspec
  rspec-autotest
  tilt

BUNDLED WITH
   1.16.2
